PATH
  remote: .
  specs:
    douban-ruby (0.0.7)
      oauth

GEM
  remote: http://rubygems.org/
  specs:
    diff-lcs (1.1.2)
    oauth (0.4.4)
    rake (0.8.7)
    rcov (0.9.9)
    rspec (2.3.0)
      rspec-core (~> 2.3.0)
      rspec-expectations (~> 2.3.0)
      rspec-mocks (~> 2.3.0)
    rspec-core (2.3.1)
    rspec-expectations (2.3.0)
      diff-lcs (~> 1.1.2)
    rspec-mocks (2.3.0)

PLATFORMS
  ruby

DEPENDENCIES
  bundler (>= 1.0.0)
  douban-ruby!
  oauth
  rake
  rcov
  rspec (~> 2.0)
